GEM
  remote: https://rubygems.org/
  specs:
    bacon (1.2.0)
    pg (0.16.0)
    rack (1.5.2)
    rack-protection (1.5.0)
      rack
    sequel (4.1.1)
    sinatra (1.4.3)
      rack (~> 1.4)
      rack-protection (~> 1.4)
      tilt (~> 1.3, >= 1.3.4)
    sinatra-sequel (0.9.0)
      bacon
      sequel (>= 3.2.0)
      sinatra (>= 0.9.4)
    slim (2.0.1)
      temple (~> 0.6.6)
      tilt (>= 1.3.3, < 2.1)
    temple (0.6.6)
    tilt (1.4.1)

PLATFORMS
  ruby

DEPENDENCIES
  pg
  sinatra
  sinatra-sequel
  slim
